NUGET
  remote: https://nuget.org/api/v2
  specs:
    FAKE (3.35.0)
    FSharp.Compiler.Service (0.0.89)
    FSharp.Formatting (2.9.7)
      FSharp.Compiler.Service (>= 0.0.87)
      FSharpVSPowerTools.Core (1.8.0)
    FSharpVSPowerTools.Core (1.8.0)
      FSharp.Compiler.Service (>= 0.0.87)
    NUnit (2.6.4)
    NUnit.Runners (2.6.4)
    SourceLink.Fake (0.5.0)
    UnionArgParser (0.8.7)
